GEM
  remote: http://rubygems.org/
  specs:
    rake (0.8.7)
    rr (1.0.0)
    shoulda (2.11.3)
    test-unit (2.1.1)

PLATFORMS
  ruby

DEPENDENCIES
  rake
  rr
  shoulda
  test-unit
